CONTENT: NONE
NUGET
  remote: http://nuget.org/api/v2
  specs:
    Argu (1.1.3)
    AspNetMvc (4.0.20710)
      Microsoft.AspNet.Mvc (>= 4.0.20710.0 < 4.1)
    bootstrap (3.3.6)
      jQuery (>= 1.9.1 < 3.0)
    CsQuery (1.3.4)
    FluentMigrator (1.6.1)
    FluentMigrator.Runner (1.6.1)
      FluentMigrator (>= 1.6.1)
    FsCheck (2.0.7)
      FSharp.Core (>= 3.1.2.5)
    FsCheck.Xunit (2.0.7)
      FsCheck (>= 2.0.7)
      xunit (>= 1.9.2)
    FSharp.Compiler.Service (2.0.0.2)
    FSharp.Core (4.0.0.1)
    HashLib (2.0.1)
    jQuery (2.1.4)
    Knockout (0.0.1)
      AspNetMvc (>= 4.0.0.0)
    Knockout.Mapping (2.4.0)
      knockoutjs (>= 2.0.0)
    knockoutjs (3.4.0)
    log4net (2.0.5)
    Machine.Specifications (0.9.3)
    Machine.Specifications.Runner.Console (0.9.2)
    Machine.Specifications.Should (0.8.0)
      Machine.Specifications (>= 0.9 < 1.0)
    Microsoft.AspNet.Mvc (4.0.40804)
      Microsoft.AspNet.Razor (>= 2.0.20710.0)
      Microsoft.AspNet.WebPages (>= 2.0.20710.0)
    Microsoft.AspNet.Razor (2.0.30506)
    Microsoft.AspNet.WebPages (2.0.30506)
      Microsoft.AspNet.Razor (>= 2.0.20710.0)
      Microsoft.Web.Infrastructure (>= 1.0.0.0)
    Microsoft.CompilerServices.AsyncTargetingPack (1.0.1)
    Microsoft.Web.Administration (7.0.0)
    Microsoft.Web.Infrastructure (1.0.0)
    Microsoft.Web.Xdt (2.1.1)
    Mono.Cecil (0.9.6.1)
    Mono.Web.Xdt (1.0.0)
    Nancy (1.4.3)
    Nancy.Authentication.Forms (1.4.1)
      Nancy (>= 1.4.1)
    Nancy.Authentication.Stateless (1.4.1)
      Nancy (>= 1.4.1)
    Nancy.Hosting.Aspnet (1.4.1)
      Nancy (>= 1.4.1)
    Nancy.Hosting.Self (1.4.1)
      Nancy (>= 1.4.1)
    Nancy.Serialization.JsonNet (1.4.1)
      Nancy (>= 1.4.1)
      Newtonsoft.Json
    Nancy.Testing (1.4.1)
      CsQuery (>= 1.3.3)
      Nancy (>= 1.4.1)
    Nancy.Viewengines.Razor (1.4.3)
      Microsoft.AspNet.Razor
      Microsoft.AspNet.Razor (>= 2.0.30506) - framework: >= net40
      Nancy (>= 1.4.3)
    Newtonsoft.Json (7.0.1)
    NLog (4.2.3)
    NuGet.Core (2.10.1)
      Microsoft.Web.Xdt (>= 2.1.0)
    RavenDB.Client (2.5.2992)
      Microsoft.CompilerServices.AsyncTargetingPack
    RavenDB.Server (3.0.30000)
    Serilog (1.5.14)
    Serilog.Sinks.NLog (1.5.4)
      NLog (>= 3.0.0.0)
      Serilog (>= 1.4.204 < 2.0)
    SSH.NET (2013.4.7)
    System.Web.Razor.Unofficial (2.0.2)
    toastr (2.1.1)
      jQuery (>= 1.6.3)
    xunit (1.9.2)
    xunit.extensions (1.9.2)
      xunit (1.9.2)
    xunit.runners (1.9.2)
GITHUB
  remote: matthid/Yaaf.FSharp.Scripting
  specs:
    src/source/Yaaf.FSharp.Scripting/YaafFSharpScripting.fs (48789eeb63382a6934966472e270e87880cb49ed)
GROUP Build
CONTENT: NONE
NUGET
  remote: http://www.nuget.org/api/v2
  specs:
    FAKE (4.17.0-alpha002)
    FSharp.Compiler.Service (1.4.2.3)
    FSharp.Formatting (2.13.4)
      FSharp.Compiler.Service (>= 1.4.2 < 1.5.0)
      FSharpVSPowerTools.Core (>= 2.2.0 < 2.3.0)
    FSharp.Formatting.CommandTool (2.13.4)
    FSharpVSPowerTools.Core (2.2.0)
      FSharp.Compiler.Service (>= 1.4.2.0)
    ILRepack (2.0.10)
    NuGet.CommandLine (3.3.0)
    SourceLink.Fake (1.1.0)
